PATH
  remote: .
  specs:
    data_distributor (0.1.0)
      faraday (~> 1.1.0)
      json

GEM
  remote: https://rubygems.org/
  specs:
    addressable (2.8.0)
      public_suffix (>= 2.0.2, < 5.0)
    crack (0.4.5)
      rexml
    faraday (1.1.0)
      multipart-post (>= 1.2, < 3)
      ruby2_keywords
    hashdiff (1.0.1)
    json (2.6.2)
    minitest (5.15.0)
    multipart-post (2.2.3)
    public_suffix (4.0.7)
    rake (13.0.6)
    rexml (3.2.5)
    ruby2_keywords (0.0.5)
    vcr (6.0.0)
    webmock (3.14.0)
      addressable (>= 2.8.0)
      crack (>= 0.3.2)
      hashdiff (>= 0.4.0, < 2.0.0)

PLATFORMS
  -darwin-21

DEPENDENCIES
  data_distributor!
  minitest
  rake
  vcr
  webmock

BUNDLED WITH
   2.3.15
